GEM
  remote: https://rubygems.org/
  specs:
    bigdecimal (3.1.2)
    charty (0.2.11)
      matplotlib (>= 1.2.0)
      pandas (>= 0.3.5)
      playwright-ruby-client
      red-colors (>= 0.3.0)
      red-datasets (>= 0.1.2)
      red-palette (>= 0.5.0)
    concurrent-ruby (1.1.10)
    csv (3.2.4)
    extpp (0.1.0)
    fiddle (1.1.0)
    gio2 (3.5.1)
      fiddle
      gobject-introspection (= 3.5.1)
    glib2 (3.5.1)
      native-package-installer (>= 1.0.3)
      pkg-config (>= 1.3.5)
    gobject-introspection (3.5.1)
      glib2 (= 3.5.1)
    matplotlib (1.2.0)
      pycall (>= 1.0.0)
    matrix (0.4.2)
    mime-types (3.4.1)
      mime-types-data (~> 3.2015)
    mime-types-data (3.2022.0105)
    native-package-installer (1.1.5)
    numpy (0.4.0)
      pycall (>= 1.2.0.beta1)
    pandas (0.3.8)
      numpy
      pycall (>= 1.0.0)
    pkg-config (1.4.9)
    playwright-ruby-client (1.25.0)
      concurrent-ruby (>= 1.1.6)
      mime-types (>= 3.0)
    pycall (1.4.1)
    red-arrow (9.0.0)
      bigdecimal (>= 3.1.0)
      extpp (>= 0.0.7)
      gio2 (>= 3.5.0)
      native-package-installer
      pkg-config
    red-colors (0.3.0)
      matrix
    red-datasets (0.1.4)
      csv (>= 3.0.5)
      rexml
      rubyzip
    red-datasets-arrow (0.0.3)
      red-arrow
      red-datasets (>= 0.0.3)
    red-palette (0.5.0)
      red-colors (>= 0.3.0)
    rexml (3.2.5)
    rubyzip (2.3.2)

PLATFORMS
  ruby

DEPENDENCIES
  charty
  red-arrow
  red-datasets
  red-datasets-arrow

BUNDLED WITH
   2.3.9
