GEM
  remote: https://rubygems.org/
  specs:
    csv (3.2.4)
    red-datasets (0.1.4)
      csv (>= 3.0.5)
      rexml
      rubyzip
    rexml (3.2.5)
    rubyzip (2.3.2)

PLATFORMS
  ruby

DEPENDENCIES
  red-datasets

BUNDLED WITH
   2.3.9
